PATH
  remote: .
  specs:
    cosch (1.0.3)
      liquid (~> 2.6.1)
      mercenary (~> 0.3.4)

GEM
  remote: http://rubygems.org/
  specs:
    diff-lcs (1.2.5)
    liquid (2.6.1)
    mercenary (0.3.4)
    mini_portile (0.6.0)
    nokogiri (1.6.3.1)
      mini_portile (= 0.6.0)
    rspec (3.1.0)
      rspec-core (~> 3.1.0)
      rspec-expectations (~> 3.1.0)
      rspec-mocks (~> 3.1.0)
    rspec-core (3.1.2)
      rspec-support (~> 3.1.0)
    rspec-expectations (3.1.0)
      diff-lcs (>= 1.2.0, < 2.0)
      rspec-support (~> 3.1.0)
    rspec-mocks (3.1.0)
      rspec-support (~> 3.1.0)
    rspec-support (3.1.0)
    sass (3.4.4)

PLATFORMS
  ruby

DEPENDENCIES
  cosch!
  nokogiri (~> 1.6.3.1)
  rspec (~> 3.1.0)
  sass (~> 3.4.4)
